GEM
  remote: https://rubygems.org/
  specs:
    haml (5.2.2)
      temple (>= 0.8.0)
      tilt
    prettier (3.0.0)
      syntax_tree (>= 2.3.1)
      syntax_tree-haml (>= 1.1.0)
      syntax_tree-rbs (>= 0.2.0)
    rbs (2.4.0)
    rufo (0.13.0)
    syntax_tree (2.4.1)
    syntax_tree-haml (1.1.0)
      haml (>= 5.2)
      syntax_tree (>= 2.0.1)
    syntax_tree-rbs (0.2.0)
      rbs
      syntax_tree (>= 2.0.1)
    temple (0.8.2)
    tilt (2.0.10)

PLATFORMS
  x64-mingw-ucrt

DEPENDENCIES
  prettier
  rufo

BUNDLED WITH
   2.3.3
